GEM
  remote: https://rubygems.org/
  specs:
    coderay (1.1.2)
    method_source (0.9.0)
    polyglot (0.3.5)
    pry (0.11.3)
      coderay (~> 1.1.0)
      method_source (~> 0.9.0)
    pry-doc (0.11.1)
      pry (~> 0.9)
      yard (~> 0.9)
    treetop (1.6.9)
      polyglot (~> 0.3)
    yard (0.9.12)

PLATFORMS
  ruby

DEPENDENCIES
  pry
  pry-doc
  treetop

BUNDLED WITH
   1.16.0
